GEM
  remote: https://rubygems.org/
  specs:
    ValidateEmail (1.0.1)
    activemodel (4.0.2)
      activesupport (= 4.0.2)
      builder (~> 3.1.0)
    activesupport (4.0.2)
      i18n (~> 0.6, >= 0.6.4)
      minitest (~> 4.2)
      multi_json (~> 1.3)
      thread_safe (~> 0.1)
      tzinfo (~> 0.3.37)
    addressable (2.3.5)
    atomic (1.1.14)
    bcrypt-ruby (3.1.2)
    builder (3.1.4)
    carrierwave (0.8.0)
      activemodel (>= 3.2.0)
      activesupport (>= 3.2.0)
    carrierwave-datamapper (0.2.2)
      carrierwave (~> 0.8.0)
      dm-core (~> 1.1)
    data_mapper (1.2.0)
      dm-aggregates (~> 1.2.0)
      dm-constraints (~> 1.2.0)
      dm-core (~> 1.2.0)
      dm-migrations (~> 1.2.0)
      dm-serializer (~> 1.2.0)
      dm-timestamps (~> 1.2.0)
      dm-transactions (~> 1.2.0)
      dm-types (~> 1.2.0)
      dm-validations (~> 1.2.0)
    data_objects (0.10.13)
      addressable (~> 2.1)
    dm-aggregates (1.2.0)
      dm-core (~> 1.2.0)
    dm-constraints (1.2.0)
      dm-core (~> 1.2.0)
    dm-core (1.2.1)
      addressable (~> 2.3)
    dm-do-adapter (1.2.0)
      data_objects (~> 0.10.6)
      dm-core (~> 1.2.0)
    dm-migrations (1.2.0)
      dm-core (~> 1.2.0)
    dm-serializer (1.2.2)
      dm-core (~> 1.2.0)
      fastercsv (~> 1.5)
      json (~> 1.6)
      json_pure (~> 1.6)
      multi_json (~> 1.0)
    dm-sqlite-adapter (1.2.0)
      dm-do-adapter (~> 1.2.0)
      do_sqlite3 (~> 0.10.6)
    dm-timestamps (1.2.0)
      dm-core (~> 1.2.0)
    dm-transactions (1.2.0)
      dm-core (~> 1.2.0)
    dm-types (1.2.2)
      bcrypt-ruby (~> 3.0)
      dm-core (~> 1.2.0)
      fastercsv (~> 1.5)
      json (~> 1.6)
      multi_json (~> 1.0)
      stringex (~> 1.4)
      uuidtools (~> 2.1)
    dm-validations (1.2.0)
      dm-core (~> 1.2.0)
    do_sqlite3 (0.10.13)
      data_objects (= 0.10.13)
    excon (0.31.0)
    fastercsv (1.5.5)
    fog (1.19.0)
      builder
      excon (~> 0.31.0)
      formatador (~> 0.2.0)
      mime-types
      multi_json (~> 1.0)
      net-scp (~> 1.1)
      net-ssh (>= 2.1.3)
      nokogiri (~> 1.5)
      ruby-hmac
    formatador (0.2.4)
    haml (4.0.5)
      tilt
    i18n (0.6.9)
    json (1.8.1)
    json_pure (1.8.1)
    mime-types (2.0)
    mini_magick (3.7.0)
      subexec (~> 0.2.1)
    mini_portile (0.5.2)
    minitest (4.7.5)
    multi_json (1.8.4)
    net-scp (1.1.2)
      net-ssh (>= 2.6.5)
    net-ssh (2.7.0)
    nokogiri (1.6.1)
      mini_portile (~> 0.5.0)
    puma (2.7.1)
      rack (>= 1.1, < 2.0)
    rack (1.5.2)
    rack-protection (1.5.2)
      rack
    rinku (1.7.3)
    ruby-hmac (0.4.0)
    sanitize (2.1.0)
      nokogiri (>= 1.4.4)
    sinatra (1.4.4)
      rack (~> 1.4)
      rack-protection (~> 1.4)
      tilt (~> 1.3, >= 1.3.4)
    sinatra-flash (0.3.0)
      sinatra (>= 1.0.0)
    stringex (1.5.1)
    subexec (0.2.3)
    thread_safe (0.1.3)
      atomic
    tilt (1.4.1)
    tzinfo (0.3.38)
    unf (0.1.3)
      unf_ext
    unf_ext (0.0.6)
    uuidtools (2.1.4)
    will_paginate (3.0.5)
    will_paginate-bootstrap (1.0.0)
      will_paginate (>= 3.0.3)

PLATFORMS
  ruby

DEPENDENCIES
  ValidateEmail
  bcrypt-ruby
  carrierwave-datamapper
  data_mapper
  dm-sqlite-adapter
  fog
  haml
  mini_magick
  puma
  rinku
  sanitize
  sinatra
  sinatra-flash
  unf
  will_paginate-bootstrap
